GEM
  remote: https://rubygems.org/
  specs:
    addressable (2.3.8)
    args_parser (0.2.0)
    faraday (0.9.1)
      multipart-post (>= 1.2, < 3)
    highline (1.6.21)
    multipart-post (2.0.0)
    octokit (3.8.0)
      sawyer (~> 0.6.0, >= 0.5.3)
    pit (0.0.7)
    sawyer (0.6.0)
      addressable (~> 2.3.5)
      faraday (~> 0.8, < 0.10)

PLATFORMS
  ruby

DEPENDENCIES
  args_parser
  highline
  octokit
  pit
